PATH
  remote: .
  specs:
    journeta (0.2.2)
      activesupport (>= 3.1.3)

GEM
  remote: https://rubygems.org/
  specs:
    activesupport (3.2.3)
      i18n (~> 0.6)
      multi_json (~> 1.0)
    i18n (0.6.0)
    multi_json (1.3.4)
    rake (0.8.7)
    rcov (0.9.11)
    shoulda (2.11.3)

PLATFORMS
  ruby

DEPENDENCIES
  journeta!
  rake
  rcov
  shoulda
